PATH
  remote: .
  specs:
    github-v3-api (0.4.1)
      json
      rest-client

GEM
  remote: https://rubygems.org/
  specs:
    diff-lcs (1.2.1)
    hashie (1.2.0)
    json (1.7.7)
    mime-types (1.21)
    omniauth (1.1.3)
      hashie (~> 1.2)
      rack
    rack (1.5.2)
    rack-protection (1.5.0)
      rack
    rake (10.0.4)
    rest-client (1.6.7)
      mime-types (>= 1.16)
    rspec (2.14.1)
      rspec-core (~> 2.14.8)
      rspec-expectations (~> 2.14.5)
      rspec-mocks (~> 2.14.6)
    rspec-core (2.14.1)
    rspec-expectations (2.14.5)
      diff-lcs (>= 1.1.3, < 2.0)
    rspec-mocks (2.14.6)
    sinatra (1.4.2)
      rack (~> 1.5, >= 1.5.2)
      rack-protection (~> 1.4)
      tilt (~> 1.3, >= 1.3.4)
    tilt (1.3.6)

PLATFORMS
  ruby

DEPENDENCIES
  bundler (~> 1.3)
  github-v3-api!
  omniauth
  rake
  rspec
  sinatra
